GEM
  remote: https://rubygems.org/
  specs:
    foreman (0.87.2)

PLATFORMS
  ruby

DEPENDENCIES
  foreman

RUBY VERSION
   ruby 3.1.4p223

BUNDLED WITH
   2.4.10
